GIT
  remote: git://github.com/nex3/sass.git
  revision: c278c22024c6300269e0b9325318a99419f7ec1b
  specs:
    sass (3.3.0.rc.1)
      listen (~> 1.1.0)

GEM
  remote: https://rubygems.org/
  specs:
    coderay (1.1.0)
    coffee-script (2.2.0)
      coffee-script-source
      execjs
    coffee-script-source (1.6.3)
    execjs (2.0.2)
    ffi (1.9.3)
    formatador (0.2.4)
    guard (1.8.2)
      formatador (>= 0.2.4)
      listen (>= 1.0.0)
      lumberjack (>= 1.0.2)
      pry (>= 0.9.10)
      thor (>= 0.14.6)
    guard-coffeescript (1.3.4)
      coffee-script (>= 2.2.0)
      guard (>= 1.1.0)
    guard-sass (1.3.2)
      guard (>= 1.1.0)
      sass (>= 3.1)
    listen (1.1.6)
      rb-fsevent (>= 0.9.3)
      rb-inotify (>= 0.9)
      rb-kqueue (>= 0.2)
    lumberjack (1.0.4)
    method_source (0.8.2)
    pry (0.9.12.3)
      coderay (~> 1.0)
      method_source (~> 0.8)
      slop (~> 3.4)
    rb-fsevent (0.9.3)
    rb-inotify (0.9.2)
      ffi (>= 0.5.0)
    rb-kqueue (0.2.0)
      ffi (>= 0.5.0)
    rb-readline (0.5.1)
    slop (3.4.7)
    thor (0.18.1)

PLATFORMS
  ruby

DEPENDENCIES
  guard
  guard-coffeescript
  guard-sass
  rb-readline
  sass!
